GEM
  remote: https://rubygems.org/
  specs:
    capistrano (3.4.0)
      i18n
      rake (>= 10.0.0)
      sshkit (~> 1.3)
    chef-zero (4.3.2)
      ffi-yajl (~> 2.2)
      hashie (>= 2.0, < 4.0)
      mixlib-log (~> 1.3)
      rack
      uuidtools (~> 2.1)
    colorize (0.7.7)
    ffi-yajl (2.2.2)
      libyajl2 (~> 1.2)
    hashie (3.4.3)
    i18n (0.7.0)
    libyajl2 (1.2.0)
    mixlib-log (1.6.0)
    net-scp (1.2.1)
      net-ssh (>= 2.6.5)
    net-ssh (3.0.1)
    rack (1.6.4)
    rake (10.4.2)
    sshkit (1.7.1)
      colorize (>= 0.7.0)
      net-scp (>= 1.1.2)
      net-ssh (>= 2.8.0)
    uuidtools (2.1.5)

PLATFORMS
  ruby

DEPENDENCIES
  capistrano (~> 3.4.0)
  chef-zero (~> 4.3.2)

BUNDLED WITH
   1.13.1
